GEM
  remote: https://rubygems.org/
  specs:
    google-protobuf (3.22.2-arm64-darwin)
    google-protobuf (3.22.2-x86_64-linux)
    googleapis-common-protos-types (1.5.0)
      google-protobuf (~> 3.14)
    mail (2.7.1)
      mini_mime (>= 0.1.1)
    mini_mime (1.1.2)
    mustermann (3.0.0)
      ruby2_keywords (~> 0.0.1)
    net-protocol (0.1.3)
      timeout
    net-smtp (0.3.3)
      net-protocol
    nio4r (2.5.9)
    opentelemetry-api (1.1.0)
    opentelemetry-common (0.19.6)
      opentelemetry-api (~> 1.0)
    opentelemetry-exporter-otlp (0.24.0)
      google-protobuf (~> 3.19)
      googleapis-common-protos-types (~> 1.3)
      opentelemetry-api (~> 1.1)
      opentelemetry-common (~> 0.19.6)
      opentelemetry-sdk (~> 1.2)
      opentelemetry-semantic_conventions
    opentelemetry-instrumentation-base (0.21.1)
      opentelemetry-api (~> 1.0)
      opentelemetry-registry (~> 0.1)
    opentelemetry-instrumentation-rack (0.22.1)
      opentelemetry-api (~> 1.0)
      opentelemetry-common (~> 0.19.3)
      opentelemetry-instrumentation-base (~> 0.21.0)
    opentelemetry-instrumentation-sinatra (0.21.5)
      opentelemetry-api (~> 1.0)
      opentelemetry-common (~> 0.19.3)
      opentelemetry-instrumentation-base (~> 0.21.0)
      opentelemetry-instrumentation-rack (~> 0.21)
    opentelemetry-registry (0.2.0)
      opentelemetry-api (~> 1.1)
    opentelemetry-sdk (1.2.0)
      opentelemetry-api (~> 1.1)
      opentelemetry-common (~> 0.19.3)
      opentelemetry-registry (~> 0.2)
      opentelemetry-semantic_conventions
    opentelemetry-semantic_conventions (1.8.0)
      opentelemetry-api (~> 1.0)
    pony (1.13.1)
      mail (>= 2.0)
    puma (6.2.2)
      nio4r (~> 2.0)
    rack (2.2.6.4)
    rack-protection (3.0.5)
      rack
    ruby2_keywords (0.0.5)
    sinatra (3.0.5)
      mustermann (~> 3.0)
      rack (~> 2.2, >= 2.2.4)
      rack-protection (= 3.0.5)
      tilt (~> 2.0)
    tilt (2.1.0)
    timeout (0.3.2)

PLATFORMS
  arm64-darwin-21
  arm64-darwin-22
  x86_64-linux

DEPENDENCIES
  net-smtp (~> 0.3)
  opentelemetry-exporter-otlp (~> 0.21)
  opentelemetry-instrumentation-sinatra (~> 0.19)
  opentelemetry-sdk (~> 1.1)
  pony (~> 1.13)
  puma (~> 6.0)
  sinatra (~> 3.0)

BUNDLED WITH
   2.3.7
